NRRD0004
# Complete NRRD file format specification at:
# http://teem.sourceforge.net/nrrd/format.html
type: unsigned char
dimension: 3
space: left-posterior-superior
sizes: 133 133 47
space directions: (-1.8,0,0) (0,1.8,0) (0,0,-3)
kinds: domain domain domain
encoding: gzip
space origin: (0,0,0)
data file: LabelMapSmoothingTest.raw.gz
