NRRD0004
# Complete NRRD file format specification at:
# http://teem.sourceforge.net/nrrd/format.html
type: unsigned short
dimension: 3
space: left-posterior-superior
sizes: 130 130 68
space directions: (2,0,0) (0,2,0) (0,0,2)
kinds: domain domain domain
endian: little
encoding: gzip
space origin: (-130,-119.9,-73.7)
data file: ConfidenceConnectedTest.raw.gz
