NRRD0004
# Complete NRRD file format specification at:
# http://teem.sourceforge.net/nrrd/format.html
type: short
dimension: 3
space: left-posterior-superior
sizes: 256 256 120
space directions: (0.9375,0,0) (0,0.9375,0) (0,0,1.4)
kinds: domain domain domain
endian: little
encoding: gzip
space origin: (0.0,0.0,0.0)
data file: original.raw.gz
